PATH
  remote: .
  specs:
    authlogic (3.4.2)
      activerecord (>= 3.2)
      activesupport (>= 3.2)
      request_store (~> 1.0)

GEM
  remote: https://rubygems.org/
  specs:
    activemodel (4.1.0)
      activesupport (= 4.1.0)
      builder (~> 3.1)
    activerecord (4.1.0)
      activemodel (= 4.1.0)
      activesupport (= 4.1.0)
      arel (~> 5.0.0)
    activesupport (4.1.0)
      i18n (~> 0.6, >= 0.6.9)
      json (~> 1.7, >= 1.7.7)
      minitest (~> 5.1)
      thread_safe (~> 0.1)
      tzinfo (~> 1.1)
    arel (5.0.1.20140414130214)
    bcrypt (3.1.7)
    bcrypt-ruby (3.1.5)
      bcrypt (>= 3.1.3)
    builder (3.2.2)
    ffi (1.9.3)
    ffi-compiler (0.1.3)
      ffi (>= 1.0.0)
      rake
    i18n (0.6.9)
    json (1.8.1)
    minitest (5.3.3)
    rake (10.3.1)
    request_store (1.0.5)
    scrypt (1.2.1)
      ffi-compiler (>= 0.0.2)
      rake
    sqlite3 (1.3.9)
    thread_safe (0.3.3)
    timecop (0.7.1)
    tzinfo (1.1.0)
      thread_safe (~> 0.1)

PLATFORMS
  ruby

DEPENDENCIES
  authlogic!
  bcrypt-ruby (~> 3.1)
  scrypt (~> 1.2)
  sqlite3 (~> 1.3)
  timecop (~> 0.7)
